GEM
  remote: https://rubygems.org/
  specs:
    bubble-wrap (1.3.0)
    motion-keyboard-avoiding (0.0.1)
    rake (10.1.0)

PLATFORMS
  ruby

DEPENDENCIES
  bubble-wrap
  motion-keyboard-avoiding (~> 0.0.1)
  rake
