GEM
  remote: https://rubygems.org/
  specs:
    bubble-wrap (1.3.0)
    motion-keyboard-avoiding (0.0.2)
    motion-require (0.0.7)
    rake (10.1.0)

PLATFORMS
  ruby

DEPENDENCIES
  bubble-wrap
  motion-keyboard-avoiding (~> 0.0.2)
  motion-require
  rake
